GEM
  remote: https://rubygems.org/
  specs:
    coderay (1.1.2)
    ffi (1.10.0)
    filigree (0.4.1)
    method_source (0.9.2)
    minitest (5.11.3)
    pry (0.12.2)
      coderay (~> 1.1.0)
      method_source (~> 0.9.0)
    rb-readline (0.5.5)
    rltk (3.0.1)
      ffi (>= 1.0.0)
      filigree (>= 0.2.0)

PLATFORMS
  ruby

DEPENDENCIES
  minitest
  pry
  rb-readline
  rltk

BUNDLED WITH
   1.17.3
